NUGET
  remote: https://nuget.org/api/v2
  specs:
    DotNetZip (1.9.3)
